GIT
  remote: https://github.com/stympy/faker.git
  revision: 389352702f24886966bf29e5706c6829b8df5b92
  branch: master
  specs:
    faker (1.8.7)
      i18n (>= 0.7)

GEM
  remote: https://rubygems.org/
  specs:
    concurrent-ruby (1.0.5)
    i18n (1.0.1)
      concurrent-ruby (~> 1.0)

PLATFORMS
  ruby

DEPENDENCIES
  faker!

BUNDLED WITH
   1.16.1
